PATH
  remote: .
  specs:
    fronkin_bandcamp_scraper (0.1.0)

GEM
  remote: https://rubygems.org/
  specs:
    byebug (10.0.2)
    coderay (1.1.2)
    diff-lcs (1.3)
    method_source (0.9.0)
    mini_portile2 (2.3.0)
    nokogiri (1.8.2)
      mini_portile2 (~> 2.3.0)
    pry (0.11.3)
      coderay (~> 1.1.0)
      method_source (~> 0.9.0)
    pry-byebug (3.6.0)
      byebug (~> 10.0)
      pry (~> 0.10)
    rake (10.4.2)
    rspec (3.7.0)
      rspec-core (~> 3.7.0)
      rspec-expectations (~> 3.7.0)
      rspec-mocks (~> 3.7.0)
    rspec-core (3.7.1)
      rspec-support (~> 3.7.0)
    rspec-expectations (3.7.0)
      diff-lcs (>= 1.2.0, < 2.0)
      rspec-support (~> 3.7.0)
    rspec-mocks (3.7.0)
      diff-lcs (>= 1.2.0, < 2.0)
      rspec-support (~> 3.7.0)
    rspec-support (3.7.1)

PLATFORMS
  ruby

DEPENDENCIES
  bundler (~> 1.16)
  fronkin_bandcamp_scraper!
  nokogiri (~> 1.8.2)
  pry (~> 0.11.3)
  pry-byebug (~> 3.6.0)
  rake (~> 10.0)
  rspec (~> 3.7)

BUNDLED WITH
   1.16.2
